GEM
  remote: https://rubygems.org/
  remote: https://7jz8eUPLXyB3hSa6vaRT@repo.fury.io/loconsolutions/
  specs:
    execjs (2.6.0)
    housing_dply (0.2.9)
      rake
    rake (11.1.2)
    uglifier (3.0.0)
      execjs (>= 0.3.0, < 3)

PLATFORMS
  ruby

DEPENDENCIES
  housing_dply!
  uglifier

BUNDLED WITH
   1.12.0.rc.2
